GEM
  remote: http://gems.rubyforge.org/
  specs:
    bacon (1.1.0)
    baconmocha (0.0.2)
      bacon
      mocha (>= 0.9.6)
    eventmachine (0.12.10)
    mocha (0.9.8)
      rake
    rake (0.8.7)

PLATFORMS
  ruby

DEPENDENCIES
  bacon
  baconmocha
  eventmachine
  mocha
