GEM
  remote: http://gems.rubyforge.org/
  specs:
    bacon (1.1.0)
    baconmocha (0.0.2)
      bacon
      mocha (>= 0.9.6)
    daemons (1.1.0)
    eventmachine (0.12.10)
    json (1.4.6)
    mocha (0.9.8)
      rake
    rack (1.2.1)
    rake (0.8.7)
    sinatra (1.0)
      rack (>= 1.0)
    thin (1.2.7)
      daemons (>= 1.0.9)
      eventmachine (>= 0.12.6)
      rack (>= 1.0.0)

PLATFORMS
  ruby

DEPENDENCIES
  bacon
  baconmocha
  daemons
  eventmachine
  json
  mocha
  sinatra
  thin
